FRAMEWORK: NET40
NUGET
  remote: https://www.nuget.org/api/v2
    FSharp.Core (3.1.2.5)
    NUnit (3.6.1)
    NUnit.ConsoleRunner (3.6)
    Xake (0.8.8)
