NUGET
  remote: https://nuget.org/api/v2
  specs:
    FSharp.Core (3.1.2.5)
    NuGet.CommandLine (2.8.5)
    NUnit (2.6.3)
    NUnit.Runners (2.6.4)
