FRAMEWORK: NET40
NUGET
  remote: https://www.nuget.org/api/v2
    FSharp.Core (3.1.2.5)
    NuGet.CommandLine (3.5)
    NUnit (2.6.3)
    NUnit.ConsoleRunner (3.6)
    NUnit.Extension.NUnitProjectLoader (3.5)
    NUnit.Extension.NUnitV2Driver (3.6)
    NUnit.Extension.NUnitV2ResultWriter (3.5)
    NUnit.Extension.TeamCityEventListener (1.0.2)
    NUnit.Extension.VSProjectLoader (3.5)
    NUnit.Runners (3.6)
      NUnit.ConsoleRunner (>= 3.6)
      NUnit.Extension.NUnitProjectLoader (>= 3.5)
      NUnit.Extension.NUnitV2Driver (>= 3.6)
      NUnit.Extension.NUnitV2ResultWriter (>= 3.5)
      NUnit.Extension.TeamCityEventListener (>= 1.0.2)
      NUnit.Extension.VSProjectLoader (>= 3.5)
    Xake (0.8.2)
