NUGET
  remote: https://www.nuget.org/api/v2
    Microsoft.Net.Compilers (1.3.2)
